PATH
  remote: .
  specs:
    dbf (1.5.2)
      activesupport (~> 3.0.0)
      fastercsv (= 1.5.4)
      i18n (~> 0.4.2)

GEM
  remote: http://rubygems.org/
  specs:
    activesupport (3.0.3)
    diff-lcs (1.1.2)
    fastercsv (1.5.4)
    i18n (0.4.2)
    rspec (2.4.0)
      rspec-core (~> 2.4.0)
      rspec-expectations (~> 2.4.0)
      rspec-mocks (~> 2.4.0)
    rspec-core (2.4.0)
    rspec-expectations (2.4.0)
      diff-lcs (~> 1.1.2)
    rspec-mocks (2.4.0)

PLATFORMS
  ruby

DEPENDENCIES
  activesupport (~> 3.0.0)
  dbf!
  fastercsv (= 1.5.4)
  i18n (~> 0.4.2)
  rspec (= 2.4.0)
