GEM
  remote: http://rubygems.org/
  specs:
    activesupport (3.0.0)
    diff-lcs (1.1.2)
    fastercsv (1.5.3)
    i18n (0.4.1)
    rspec (2.1.0)
      rspec-core (~> 2.1.0)
      rspec-expectations (~> 2.1.0)
      rspec-mocks (~> 2.1.0)
    rspec-core (2.1.0)
    rspec-expectations (2.1.0)
      diff-lcs (~> 1.1.2)
    rspec-mocks (2.1.0)

PLATFORMS
  ruby

DEPENDENCIES
  activesupport (= 3.0.0)
  fastercsv (= 1.5.3)
  i18n (= 0.4.1)
  rspec (= 2.1.0)
