GEM
  remote: http://rubygems.org/
  specs:
    activesupport (3.0.0)
    fastercsv (1.5.3)
    i18n (0.4.1)
    rspec (1.3.0)

PLATFORMS
  ruby

DEPENDENCIES
  activesupport (= 3.0.0)
  fastercsv (= 1.5.3)
  i18n (= 0.4.1)
  rspec (= 1.3.0)
